{
	"Modality": "CT",
	"Manufacturer": "GE",
	"ManufacturersModelName": "LightSpeed Plus",
	"BodyPartExamined": "HEAD",
	"PatientPosition": "HFS",
	"ProcedureStepDescription": "CT, HEAD/BRAIN WO CONT",
	"SoftwareVersions": "LightSpeedApps14.13_2.8.2L_H2.1M4",
	"SeriesDescription": "Routine Brain",
	"ProtocolName": "1.1 Routine Brain",
	"ScanOptions": "AXIAL MODE",
	"ImageType": ["ORIGINAL", "PRIMARY", "AXIAL"],
	"SeriesNumber": 2,
	"AcquisitionTime": "17:33:12.000000",
	"AcquisitionNumber": 1,
	"ConvolutionKernel": "STANDARD",
	"ExposureTime": 2,
	"XRayTubeCurrent": 210,
	"XRayExposure": 420,
	"ImageOrientationPatientDICOM": [
		1,
		0,
		0,
		0,
		1,
		0	],
	"ConversionSoftware": "dcm2niix",
	"ConversionSoftwareVersion": "v1.0.20211006"
}
